GEM
  remote: https://rubygems.org/
  specs:
    activesupport (6.0.6)
      concurrent-ruby (~> 1.0, >= 1.0.2)
      i18n (>= 0.7, < 2)
      minitest (~> 5.1)
      tzinfo (~> 1.1)
      zeitwerk (~> 2.2, >= 2.2.2)
    asciidoctor (2.0.10)
    concurrent-ruby (1.1.10)
    date (3.2.2)
    exifr (1.3.10)
    fileutils (1.6.0)
    i18n (1.7.0)
      concurrent-ruby (~> 1.0)
    mini_portile2 (2.8.0)
    minitest (5.16.3)
    net (0.3.3)
      activesupport
    nokogiri (1.13.9)
      mini_portile2 (~> 2.8.0)
      racc (~> 1.4)
    racc (1.6.0)
    thread_safe (0.3.6)
    tzinfo (1.2.5)
      thread_safe (~> 0.1)
    zeitwerk (2.6.1)

PLATFORMS
  ruby

DEPENDENCIES
  asciidoctor
  date
  exifr
  fileutils
  net
  nokogiri

BUNDLED WITH
   2.0.2
