GEM
  remote: https://rubygems.org/
  specs:
    activesupport (7.0.4.1)
      concurrent-ruby (~> 1.0, >= 1.0.2)
      i18n (>= 1.6, < 2)
      minitest (>= 5.1)
      tzinfo (~> 2.0)
    asciidoctor (2.0.10)
    concurrent-ruby (1.1.10)
    date (3.0.0)
    exifr (1.3.6)
    fileutils (1.4.1)
    i18n (1.12.0)
      concurrent-ruby (~> 1.0)
    mini_portile2 (2.4.0)
    minitest (5.17.0)
    net (0.3.3)
      activesupport
    nokogiri (1.10.5)
      mini_portile2 (~> 2.4.0)
    tzinfo (2.0.5)
      concurrent-ruby (~> 1.0)

PLATFORMS
  ruby

DEPENDENCIES
  asciidoctor
  date
  exifr
  fileutils
  net
  nokogiri

BUNDLED WITH
   2.0.2
